GEM
  remote: https://rubygems.org/
  specs:
    coderay (1.1.0)
    method_source (0.8.2)
    mini_magick (3.6.0)
      subexec (~> 0.2.1)
    pry (0.9.12.3)
      coderay (~> 1.0)
      method_source (~> 0.8)
      slop (~> 3.4)
    slop (3.4.6)
    subexec (0.2.3)

PLATFORMS
  ruby

DEPENDENCIES
  mini_magick
  pry
